GIT
  remote: git://github.com/intridea/grape.git
  revision: 8491297657be3a0d8a5cb15584cbd27f461eef77
  specs:
    grape (0.8.1)
      activesupport
      builder
      hashie (>= 2.1.0)
      multi_json (>= 1.3.2)
      multi_xml (>= 0.5.2)
      rack (>= 1.3.0)
      rack-accept
      rack-mount
      virtus (>= 1.0.0)

GEM
  remote: http://rubygems.org/
  specs:
    activesupport (4.1.4)
      i18n (~> 0.6, >= 0.6.9)
      json (~> 1.7, >= 1.7.7)
      minitest (~> 5.1)
      thread_safe (~> 0.1)
      tzinfo (~> 1.1)
    axiom-types (0.1.1)
      descendants_tracker (~> 0.0.4)
      ice_nine (~> 0.11.0)
      thread_safe (~> 0.3, >= 0.3.1)
    builder (3.2.2)
    coderay (1.1.0)
    coercible (1.0.0)
      descendants_tracker (~> 0.0.1)
    descendants_tracker (0.0.4)
      thread_safe (~> 0.3, >= 0.3.1)
    equalizer (0.0.9)
    hashie (3.2.0)
    i18n (0.6.11)
    ice_nine (0.11.0)
    json (1.8.1)
    json_pure (1.8.1)
    method_source (0.8.2)
    minitest (5.4.0)
    multi_json (1.10.1)
    multi_xml (0.5.5)
    pry (0.10.0)
      coderay (~> 1.1.0)
      method_source (~> 0.8.1)
      slop (~> 3.4)
    rack (1.5.2)
    rack-accept (0.4.5)
      rack (>= 0.4)
    rack-mount (0.8.3)
      rack (>= 1.0.0)
    rake (10.3.2)
    ruby-hl7 (1.0.3)
      rake (>= 0.8.7)
      rubyforge (>= 2.0.4)
    rubyforge (2.0.4)
      json_pure (>= 1.1.7)
    slop (3.5.0)
    thread_safe (0.3.4)
    tzinfo (1.2.1)
      thread_safe (~> 0.1)
    virtus (1.0.2)
      axiom-types (~> 0.1)
      coercible (~> 1.0)
      descendants_tracker (~> 0.0.3)
      equalizer (~> 0.0.9)

PLATFORMS
  ruby

DEPENDENCIES
  grape!
  pry
  ruby-hl7
